GEM
  remote: http://rubygems.org/
  specs:
    chunky_png (1.2.8)
    compass (0.12.2)
      chunky_png (~> 1.2)
      fssm (>= 0.2.7)
      sass (~> 3.1)
    daemons (1.1.9)
    eventmachine (1.0.3)
    foundation-sass (2.1.1)
      compass (>= 0.11.5)
    fssm (0.2.10)
    rack (1.5.2)
    rack-protection (1.5.0)
      rack
    sass (3.2.6)
    sinatra (1.4.3)
      rack (~> 1.4)
      rack-protection (~> 1.4)
      tilt (~> 1.3, >= 1.3.4)
    slim (1.3.8)
      temple (~> 0.6.3)
      tilt (~> 1.3.3)
    temple (0.6.5)
    thin (1.5.1)
      daemons (>= 1.0.9)
      eventmachine (>= 0.12.6)
      rack (>= 1.0.0)
    tilt (1.3.7)
    zurb-foundation (4.2.1)
      sass (>= 3.2.0)

PLATFORMS
  ruby

DEPENDENCIES
  foundation-sass (= 2.1.1)
  sass (= 3.2.6)
  sinatra (= 1.4.3)
  slim (= 1.3.8)
  thin (= 1.5.1)
  zurb-foundation (= 4.2.1)
